GEM
  remote: https://rubygems.org/
  specs:
    ast (2.4.2)
    bcrypt (3.1.18)
    byebug (11.1.3)
    json (2.6.3)
    multi_json (1.15.0)
    mustermann (3.0.0)
      ruby2_keywords (~> 0.0.1)
    parallel (1.22.1)
    parser (3.2.0.0)
      ast (~> 2.4.1)
    rack (2.2.6.2)
    rack-protection (3.0.5)
      rack
    rainbow (3.1.1)
    regexp_parser (2.6.2)
    rexml (3.2.5)
    rubocop (1.44.1)
      json (~> 2.3)
      parallel (~> 1.10)
      parser (>= 3.2.0.0)
      rainbow (>= 2.2.2, < 4.0)
      regexp_parser (>= 1.8, < 3.0)
      rexml (>= 3.2.5, < 4.0)
      rubocop-ast (>= 1.24.1, < 2.0)
      ruby-progressbar (~> 1.7)
      unicode-display_width (>= 2.4.0, < 3.0)
    rubocop-ast (1.24.1)
      parser (>= 3.1.1.0)
    ruby-progressbar (1.11.0)
    ruby2_keywords (0.0.5)
    sinatra (3.0.5)
      mustermann (~> 3.0)
      rack (~> 2.2, >= 2.2.4)
      rack-protection (= 3.0.5)
      tilt (~> 2.0)
    sinatra-contrib (3.0.5)
      multi_json
      mustermann (~> 3.0)
      rack-protection (= 3.0.5)
      sinatra (= 3.0.5)
      tilt (~> 2.0)
    slim (5.0.0)
      temple (~> 0.10.0)
      tilt (>= 2.0.6, < 2.1)
    sqlite3 (1.6.0-arm64-darwin)
    temple (0.10.0)
    tilt (2.0.11)
    unicode-display_width (2.4.2)
    webrick (1.8.1)

PLATFORMS
  arm64-darwin-22

DEPENDENCIES
  bcrypt
  byebug
  rubocop
  sinatra
  sinatra-contrib
  slim
  sqlite3
  webrick

BUNDLED WITH
   2.4.6
